GEM
  remote: https://rubygems.org/
  specs:
    equatable (0.5.0)
    necromancer (0.4.0)
    pastel (0.7.2)
      equatable (~> 0.5.0)
      tty-color (~> 0.4.0)
    plist (3.5.0)
    timers (4.3.0)
    tty-color (0.4.3)
    tty-command (0.8.2)
      pastel (~> 0.7.0)
    tty-cursor (0.6.0)
    tty-platform (0.2.0)
    tty-prompt (0.18.1)
      necromancer (~> 0.4.0)
      pastel (~> 0.7.0)
      timers (~> 4.0)
      tty-cursor (~> 0.6.0)
      tty-reader (~> 0.5.0)
    tty-reader (0.5.0)
      tty-cursor (~> 0.6.0)
      tty-screen (~> 0.6.4)
      wisper (~> 2.0.0)
    tty-screen (0.6.5)
    tty-spinner (0.9.0)
      tty-cursor (~> 0.6.0)
    wisper (2.0.0)

PLATFORMS
  ruby

DEPENDENCIES
  plist
  tty-command
  tty-platform
  tty-prompt
  tty-spinner

BUNDLED WITH
   2.0.1
