GEM
  remote: https://rubygems.org/
  specs:
    pastel (0.8.0)
      tty-color (~> 0.5)
    plist (3.6.0)
    tty-color (0.6.0)
    tty-command (0.10.1)
      pastel (~> 0.8)
    tty-cursor (0.7.1)
    tty-platform (0.3.0)
    tty-prompt (0.23.1)
      pastel (~> 0.8)
      tty-reader (~> 0.8)
    tty-reader (0.9.0)
      tty-cursor (~> 0.7)
      tty-screen (~> 0.8)
      wisper (~> 2.0)
    tty-screen (0.8.1)
    tty-spinner (0.9.3)
      tty-cursor (~> 0.7)
    wisper (2.0.1)

PLATFORMS
  x86_64-darwin-21

DEPENDENCIES
  plist
  tty-command
  tty-platform
  tty-prompt
  tty-spinner

BUNDLED WITH
   2.3.11
